GIT
  remote: https://github.com/Roman2K/metacli.git
  revision: 3eb064e27e1e7b2a19280199b1e76e49ccdda634
  specs:
    metacli (0.1.0)

GIT
  remote: https://github.com/Roman2K/utils-ruby.git
  revision: 3bc598d9387c484b9f9a8e29a4eb5a66368e8d4f
  specs:
    utils-ruby (0.1.0)

GEM
  remote: https://rubygems.org/
  specs:

PLATFORMS
  ruby

DEPENDENCIES
  metacli!
  utils-ruby!

BUNDLED WITH
   2.1.4
