GIT
  remote: git://github.com/Roman2K/metacli.git
  revision: d5668d1c1cf5cae42f2a49d15a75f2d0cf3a7a5c
  specs:
    metacli (0.1.0)

GIT
  remote: git://github.com/Roman2K/qbittorrent-ruby.git
  revision: 0fb060e85b938b3325416a730f57d2aa20567bdc
  specs:
    qbittorrent-ruby (0.1.0)

GEM
  remote: https://rubygems.org/
  specs:

PLATFORMS
  ruby

DEPENDENCIES
  metacli!
  qbittorrent-ruby!

BUNDLED WITH
   2.0.1
