GIT
  remote: git://github.com/Roman2K/metacli.git
  revision: d5668d1c1cf5cae42f2a49d15a75f2d0cf3a7a5c
  specs:
    metacli (0.1.0)

GIT
  remote: git://github.com/Roman2K/utils-ruby.git
  revision: 4ef053b7a09fc4d57c2d194c584ceca2db74b463
  specs:
    utils-ruby (0.1.0)

GEM
  remote: https://rubygems.org/
  specs:

PLATFORMS
  ruby

DEPENDENCIES
  metacli!
  utils-ruby!

BUNDLED WITH
   2.0.1
